PATH
  remote: .
  specs:
    knowngithub (0.2.0)
      net-ssh (~> 4.2)
      nokogiri (~> 1.8)
      thor (~> 0.20)

GEM
  remote: https://rubygems.org/
  specs:
    mini_portile2 (2.3.0)
    net-ssh (4.2.0)
    nokogiri (1.8.2)
      mini_portile2 (~> 2.3.0)
    rake (10.5.0)
    thor (0.20.0)

PLATFORMS
  ruby

DEPENDENCIES
  bundler (~> 1.16)
  knowngithub!
  rake (~> 10.0)

BUNDLED WITH
   1.16.0
