PATH
  remote: .
  specs:
    knowngithub (2.0.0)
      net-ssh (~> 4.2)
      nokogiri (~> 1.10.8)
      thor (~> 0.20)

GEM
  remote: https://rubygems.org/
  specs:
    mini_portile2 (2.4.0)
    net-ssh (4.2.0)
    nokogiri (1.10.10)
      mini_portile2 (~> 2.4.0)
    rake (12.3.3)
    thor (0.20.3)

PLATFORMS
  ruby

DEPENDENCIES
  bundler (~> 1.16)
  knowngithub!
  rake (~> 12.3.3)

BUNDLED WITH
   1.17.2
